GIT
  remote: git@github.com:scottwainstock/rails_admin.git
  revision: 4735766b7ef46dfd15bfc74bd7789f37c2669648
  specs:
    rails_admin (0.0.1)
      builder (~> 2.1.0)
      rails (~> 3.0.7)

GEM
  remote: http://rubygems.org/
  specs:
    ZenTest (4.5.0)
    abstract (1.0.0)
    actionmailer (3.0.7)
      actionpack (= 3.0.7)
      mail (~> 2.2.15)
    actionpack (3.0.7)
      activemodel (= 3.0.7)
      activesupport (= 3.0.7)
      builder (~> 2.1.2)
      erubis (~> 2.6.6)
      i18n (~> 0.5.0)
      rack (~> 1.2.1)
      rack-mount (~> 0.6.14)
      rack-test (~> 0.5.7)
      tzinfo (~> 0.3.23)
    activemodel (3.0.7)
      activesupport (= 3.0.7)
      builder (~> 2.1.2)
      i18n (~> 0.5.0)
    activerecord (3.0.7)
      activemodel (= 3.0.7)
      activesupport (= 3.0.7)
      arel (~> 2.0.2)
      tzinfo (~> 0.3.23)
    activeresource (3.0.7)
      activemodel (= 3.0.7)
      activesupport (= 3.0.7)
    activesupport (3.0.7)
    addressable (2.2.6)
    arel (2.0.2)
    autotest (4.4.6)
      ZenTest (>= 4.4.1)
    autotest-growl (0.2.16)
    autotest-rails (4.1.1)
      ZenTest (= 4.5)
    bcrypt-ruby (2.1.4)
    builder (2.1.2)
    bullet (2.1.0)
      uniform_notifier (~> 1.0.0)
    capistrano (2.9.0)
      highline
      net-scp (>= 1.0.0)
      net-sftp (>= 2.0.0)
      net-ssh (>= 2.0.14)
      net-ssh-gateway (>= 1.1.0)
    capybara (0.4.1.1)
      celerity (>= 0.7.9)
      culerity (>= 0.2.4)
      mime-types (>= 1.16)
      nokogiri (>= 1.3.3)
      rack (>= 1.0.0)
      rack-test (>= 0.5.4)
      selenium-webdriver (>= 0.0.27)
      xpath (~> 0.1.3)
    carrierwave (0.5.8)
      activesupport (~> 3.0)
    celerity (0.9.1)
    childprocess (0.1.7)
      ffi (~> 0.6.3)
    cucumber (0.10.0)
      builder (>= 2.1.2)
      diff-lcs (~> 1.1.2)
      gherkin (~> 2.3.2)
      json (~> 1.4.6)
      term-ansicolor (~> 1.0.5)
    cucumber-rails (0.3.2)
      cucumber (>= 0.8.0)
    cucumber_factory (1.7.4)
    culerity (0.2.15)
    database_cleaner (0.7.0)
    declarative_authorization (0.5.4)
    devise (1.1.5)
      bcrypt-ruby (~> 2.1.2)
      warden (~> 1.0.2)
    diff-lcs (1.1.3)
    email_spec (1.2.1)
      mail (~> 2.2)
      rspec (~> 2.0)
    erubis (2.6.6)
      abstract (>= 1.0.0)
    escape_utils (0.2.4)
    exception_notification_rails3 (1.2.0)
    factory_girl (1.3.3)
    factory_girl_rails (1.0.1)
      factory_girl (~> 1.3)
      railties (>= 3.0.0)
    ffi (0.6.3)
      rake (>= 0.8.7)
    fuubar (0.0.6)
      rspec (~> 2.0)
      rspec-instafail (~> 0.1.8)
      ruby-progressbar (~> 0.0.10)
    geocoder (1.1.0)
    gherkin (2.3.3)
      json (~> 1.4.6)
    git (1.2.5)
    haml (3.1.4)
    haml-rails (0.3.4)
      actionpack (~> 3.0)
      activesupport (~> 3.0)
      haml (~> 3.0)
      railties (~> 3.0)
    has_scope (0.5.1)
    highline (1.6.9)
    i18n (0.5.0)
    inherited_resources (1.3.0)
      has_scope (~> 0.5.0)
      responders (~> 0.6.0)
    jeweler (1.6.4)
      bundler (~> 1.0)
      git (>= 1.2.5)
      rake
    jquery-rails (1.0.19)
      railties (~> 3.0)
      thor (~> 0.14)
    json (1.4.6)
    json_pure (1.6.4)
    launchy (2.0.5)
      addressable (~> 2.2.6)
    mail (2.2.19)
      activesupport (>= 2.3.6)
      i18n (>= 0.4.0)
      mime-types (~> 1.16)
      treetop (~> 1.4.8)
    meta_where (1.0.1)
      activerecord (~> 3.0.2)
      activesupport (~> 3.0.2)
      arel (~> 2.0.2)
    mime-types (1.17.2)
    mini_magick (3.4)
      subexec (~> 0.2.1)
    mysql2 (0.2.8)
    net-scp (1.0.4)
      net-ssh (>= 1.99.1)
    net-sftp (2.0.5)
      net-ssh (>= 2.0.9)
    net-ssh (2.2.1)
    net-ssh-gateway (1.1.0)
      net-ssh (>= 1.99.1)
    newrelic_rpm (3.3.1)
    nokogiri (1.5.0)
    pickle (0.4.4)
      cucumber (>= 0.8)
      rake
      rspec (>= 1.3)
      yard
    polyglot (0.3.3)
    pony (1.4)
      mail (> 2.0)
    rack (1.2.5)
    rack-mount (0.6.14)
      rack (>= 1.0.0)
    rack-test (0.5.7)
      rack (>= 1.0)
    rails (3.0.7)
      actionmailer (= 3.0.7)
      actionpack (= 3.0.7)
      activerecord (= 3.0.7)
      activeresource (= 3.0.7)
      activesupport (= 3.0.7)
      bundler (~> 1.0)
      railties (= 3.0.7)
    railties (3.0.7)
      actionpack (= 3.0.7)
      activesupport (= 3.0.7)
      rake (>= 0.8.7)
      thor (~> 0.14.4)
    rake (0.8.7)
    recaptcha (0.3.4)
    remotipart (1.0.1)
    responders (0.6.4)
    rspec (2.7.0)
      rspec-core (~> 2.7.0)
      rspec-expectations (~> 2.7.0)
      rspec-mocks (~> 2.7.0)
    rspec-core (2.7.1)
    rspec-expectations (2.7.0)
      diff-lcs (~> 1.1.2)
    rspec-instafail (0.1.9)
    rspec-mocks (2.7.0)
    rspec-rails (2.7.0)
      actionpack (~> 3.0)
      activesupport (~> 3.0)
      railties (~> 3.0)
      rspec (~> 2.7.0)
    ruby-growl (3.0)
    ruby-progressbar (0.0.10)
    rubyzip (0.9.5)
    selenium (0.0.3)
      jeweler
    selenium-client (1.2.18)
    selenium-webdriver (0.1.2)
      childprocess (~> 0.1.5)
      ffi (~> 0.6.3)
      json_pure
      rubyzip
    simple_form (1.5.2)
      actionpack (~> 3.0)
      activemodel (~> 3.0)
    spork (0.8.5)
    subexec (0.2.1)
    term-ansicolor (1.0.7)
    thor (0.14.6)
    timecop (0.3.5)
    treetop (1.4.10)
      polyglot
      polyglot (>= 0.3.1)
    tzinfo (0.3.31)
    uniform_notifier (1.0.1)
    warden (1.0.6)
      rack (>= 1.0)
    will_paginate (3.0.2)
    xpath (0.1.4)
      nokogiri (~> 1.3)
    yard (0.7.4)

PLATFORMS
  ruby

DEPENDENCIES
  arel (= 2.0.2)
  autotest
  autotest-growl
  autotest-rails
  bullet
  capistrano
  capybara (= 0.4.1.1)
  carrierwave
  cucumber (= 0.10.0)
  cucumber-rails (= 0.3.2)
  cucumber_factory (= 1.7.4)
  database_cleaner
  declarative_authorization
  devise (= 1.1.5)
  email_spec
  escape_utils
  exception_notification_rails3
  factory_girl (= 1.3.3)
  factory_girl_rails (= 1.0.1)
  fuubar
  geocoder
  gherkin (= 2.3.3)
  haml
  haml-rails
  has_scope
  inherited_resources
  jquery-rails
  launchy
  meta_where
  mini_magick
  mysql2 (= 0.2.8)
  newrelic_rpm
  pickle (= 0.4.4)
  pony
  rack (~> 1.2.3)
  rails (= 3.0.7)
  rails_admin!
  rake (~> 0.8.7)
  recaptcha
  remotipart
  rspec
  rspec-rails
  ruby-growl
  selenium (= 0.0.3)
  selenium-client (= 1.2.18)
  selenium-webdriver (= 0.1.2)
  simple_form
  spork
  timecop (= 0.3.5)
  will_paginate
